GEM
  remote: http://rubygems.org/
  specs:
    actionmailer (2.3.7)
      actionpack (= 2.3.7)
    actionpack (2.3.7)
      activesupport (= 2.3.7)
      rack (~> 1.1.0)
    activerecord (2.3.7)
      activesupport (= 2.3.7)
    activeresource (2.3.7)
      activesupport (= 2.3.7)
    activesupport (2.3.7)
    addressable (2.3.4)
    ar-extensions (0.9.5)
      activerecord (~> 2.1)
    builder (3.2.2)
    cgi_multipart_eof_fix (2.5.0)
    chronic (0.6.7)
    clbustos-rtf (0.4.2)
    columnize (0.3.6)
    daemons (1.0.10)
    delayed_job (2.0.7)
      activesupport (~> 2.0)
      daemons (= 1.0.10)
    dirty-memoize (0.0.4)
    distribution (0.7.0)
    escape (0.0.4)
    extendmatrix (0.3.1)
    factory_girl (1.3.3)
    faraday (0.7.6)
      addressable (~> 2.2)
      multipart-post (~> 1.1)
      rack (~> 1.1)
    faraday_middleware (0.7.0)
      faraday (~> 0.7.3)
    fastercsv (1.5.5)
    fastthread (1.0.7)
    ffi (1.2.1)
    gem_plugin (0.2.3)
    gnuplot (2.3.6)
    grackle (0.3.0)
      json
      mime-types
      oauth
    hashie (1.1.0)
    json (1.8.0)
    linecache (0.46)
      rbx-require-relative (> 0.0.4)
    mime-types (1.23)
    minimization (0.2.1)
      text-table (~> 1.2)
    minitar (0.5.4)
    mongrel (1.1.5)
      cgi_multipart_eof_fix (>= 2.4)
      daemons (>= 1.0.3)
      fastthread (>= 1.0.1)
      gem_plugin (>= 0.2.3)
    multi_json (1.0.4)
    multi_xml (0.4.1)
    multipart-post (1.2.0)
    mysql (2.8.1)
    nokogiri (1.5.4)
    oauth (0.4.7)
    pr_geohash (1.0.0)
    prawn (0.8.4)
      prawn-core (>= 0.8.4, < 0.9)
      prawn-layout (>= 0.8.4, < 0.9)
      prawn-security (>= 0.8.4, < 0.9)
    prawn-core (0.8.4)
    prawn-layout (0.8.4)
    prawn-security (0.8.4)
    prawn-svg (0.9.1.11)
      prawn (>= 0.8.4)
    progress (2.4.0)
    rack (1.1.6)
    rails (2.3.7)
      actionmailer (= 2.3.7)
      actionpack (= 2.3.7)
      activerecord (= 2.3.7)
      activeresource (= 2.3.7)
      activesupport (= 2.3.7)
      rake (>= 0.8.3)
    rake (10.0.4)
    rbx-require-relative (0.0.9)
    reportbuilder (1.4.2)
      clbustos-rtf (~> 0.4.0)
      prawn (~> 0.8.4)
      prawn-svg (~> 0.9.1)
      text-table (~> 1.2)
    rserve-client (0.2.5)
    rsolr (0.12.1)
      builder (>= 2.1.2)
    rspec (1.3.2)
    rspec-rails (1.3.2)
      rack (>= 1.0.0)
      rspec (>= 1.3.0)
    ruby-debug (0.10.4)
      columnize (>= 0.1)
      ruby-debug-base (~> 0.10.4.0)
    ruby-debug-base (0.10.4)
      linecache (>= 0.3)
    ruby-ole (1.2.11.6)
    rubyvis (0.5.2)
    scrapi (1.2.0)
      tidy (>= 1.1.0)
    simple-rss (1.2.3)
    simple_oauth (0.1.9)
    spreadsheet (0.6.9)
      ruby-ole (>= 1.0)
    statsample (1.2.0)
      dirty-memoize (~> 0.0)
      distribution (~> 0.6)
      extendmatrix (~> 0.3.1)
      fastercsv (> 0)
      minimization (~> 0.2.0)
      reportbuilder (~> 1.4)
      rserve-client (~> 0.2.5)
      rubyvis (~> 0.5)
      spreadsheet (~> 0.6.5)
      statsample-bivariate-extension (> 0)
    statsample-bivariate-extension (1.1.0)
      distribution (~> 0.6)
    sunspot (1.2.1)
      escape (= 0.0.4)
      pr_geohash (~> 1.0)
      rsolr (= 0.12.1)
    sunspot_rails (1.2.1)
      nokogiri
      sunspot (= 1.2.1)
    sunspot_solr (2.0.0)
    text-table (1.2.3)
    tidy (1.1.2)
    tidy_ffi (0.1.5)
      ffi (~> 1.2.0)
    twitter (1.7.2)
      faraday (~> 0.7.4)
      faraday_middleware (~> 0.7.0)
      hashie (~> 1.1.0)
      multi_json (~> 1.0.0)
      multi_xml (~> 0.4.0)
      simple_oauth (~> 0.1.5)
    typhoeus (0.3.3)
      mime-types
    whenever (0.7.3)
      activesupport (>= 2.3.4)
      chronic (~> 0.6.3)
    will_paginate (2.2.2)

PLATFORMS
  ruby

DEPENDENCIES
  ar-extensions (= 0.9.5)
  chronic (= 0.6.7)
  daemons (= 1.0.10)
  delayed_job (= 2.0.7)
  factory_girl (= 1.3.3)
  fastercsv
  gnuplot (= 2.3.6)
  grackle
  minitar
  mongrel (= 1.1.5)
  mysql (= 2.8.1)
  nokogiri (= 1.5.4)
  progress
  rails (= 2.3.7)
  rspec (= 1.3.2)
  rspec-rails (= 1.3.2)
  ruby-debug (= 0.10.4)
  scrapi (= 1.2.0)
  simple-rss (= 1.2.3)
  statsample
  sunspot_rails (= 1.2.1)
  sunspot_solr
  tidy_ffi
  twitter (= 1.7.2)
  typhoeus (= 0.3.3)
  whenever (= 0.7.3)
  will_paginate (= 2.2.2)
